PATH
  remote: .
  specs:
    ddg (0.1.0)

GEM
  remote: https://rubygems.org/
  specs:
    byebug (10.0.2)
    diff-lcs (1.3)
    lazy_priority_queue (0.1.1)
    mysql2 (0.5.1)
    pg (1.0.0)
    rake (10.5.0)
    rgl (0.5.3)
      lazy_priority_queue (~> 0.1.0)
      stream (~> 0.5.0)
    rspec (3.7.0)
      rspec-core (~> 3.7.0)
      rspec-expectations (~> 3.7.0)
      rspec-mocks (~> 3.7.0)
    rspec-core (3.7.1)
      rspec-support (~> 3.7.0)
    rspec-expectations (3.7.0)
      diff-lcs (>= 1.2.0, < 2.0)
      rspec-support (~> 3.7.0)
    rspec-mocks (3.7.0)
      diff-lcs (>= 1.2.0, < 2.0)
      rspec-support (~> 3.7.0)
    rspec-support (3.7.1)
    stream (0.5)

PLATFORMS
  ruby

DEPENDENCIES
  bundler (~> 1.16)
  byebug
  ddg!
  mysql2
  pg (= 1.0)
  rake (~> 10.0)
  rgl
  rspec (~> 3.0)

BUNDLED WITH
   1.16.1
